PATH
  remote: vendor/gems/oauth-plugin-0.4.0.pre4
  specs:
    oauth-plugin (0.4.0.pre4)
      oauth (>= 0.4.4)

GEM
  remote: http://rubygems.org/
  specs:
    aasm (3.0.0)
      activerecord
    actionmailer (2.3.14)
      actionpack (= 2.3.14)
    actionpack (2.3.14)
      activesupport (= 2.3.14)
      rack (~> 1.1.0)
    activerecord (2.3.14)
      activesupport (= 2.3.14)
    activeresource (2.3.14)
      activesupport (= 2.3.14)
    activesupport (2.3.14)
    addressable (2.2.6)
    authlogic (2.1.6)
      activesupport
    authlogic-oid (1.0.4)
      authlogic
    awesome_print (0.3.2)
    aws-s3 (0.6.2)
      builder
      mime-types
      xml-simple
    builder (3.0.0)
    cancan (1.5.1)
    chronic (0.6.6)
    dalli (1.1.4)
    eventmachine (0.12.10)
    feed-normalizer (1.5.2)
      hpricot (>= 0.6)
      simple-rss (>= 1.1)
    heroku (2.16.2)
      launchy (>= 0.3.2)
      rest-client (~> 1.6.1)
      rubyzip
      term-ansicolor (~> 1.0.5)
    hpricot (0.8.5)
    json (1.6.3)
    launchy (2.0.5)
      addressable (~> 2.2.6)
    mime-types (1.17.2)
    oauth (0.4.5)
    pg (0.12.0)
      rake-compiler (~> 0.7)
    rack (1.1.2)
    rack-openid (1.3.1)
      rack (>= 1.1.0)
      ruby-openid (>= 2.1.8)
    rails (2.3.14)
      actionmailer (= 2.3.14)
      actionpack (= 2.3.14)
      activerecord (= 2.3.14)
      activeresource (= 2.3.14)
      activesupport (= 2.3.14)
      rake (>= 0.8.3)
    rake (0.9.2.2)
    rake-compiler (0.7.9)
      rake
    redcarpet (1.17.2)
    rest-client (1.6.7)
      mime-types (>= 1.16)
    rmagick (2.13.1)
    rspec (1.3.0)
    rspec-rails (1.3.2)
      rack (>= 1.0.0)
      rspec (>= 1.3.0)
    ruby-openid (2.1.8)
    rubyzip (0.9.5)
    simple-rss (1.2.3)
    term-ansicolor (1.0.7)
    texticle (1.0.4.20101004123327)
    xml-simple (1.1.1)

PLATFORMS
  ruby

DEPENDENCIES
  aasm
  authlogic
  authlogic-oid
  awesome_print (= 0.3.2)
  aws-s3
  cancan (= 1.5.1)
  chronic
  dalli
  eventmachine
  feed-normalizer
  heroku
  json
  oauth
  oauth-plugin!
  pg
  rack-openid
  rails (= 2.3.14)
  redcarpet (= 1.17.2)
  rmagick
  rspec (= 1.3.0)
  rspec-rails (= 1.3.2)
  ruby-openid
  texticle
